GEM
  remote: https://rubygems.org/
  specs:
    coderay (1.1.3)
    docile (1.3.5)
    method_source (1.0.0)
    pry (0.14.1)
      coderay (~> 1.1)
      method_source (~> 1.0)
    simplecov (0.21.2)
      docile (~> 1.1)
      simplecov-html (~> 0.11)
      simplecov_json_formatter (~> 0.1)
    simplecov-html (0.12.3)
    simplecov_json_formatter (0.1.2)

PLATFORMS
  arm64-darwin-20

DEPENDENCIES
  pry
  simplecov

BUNDLED WITH
   2.2.5
